PATH
  remote: .
  specs:
    junoser (0.4.5)
      parslet

GEM
  remote: https://rubygems.org/
  specs:
    mini_portile2 (2.8.0)
    nokogiri (1.13.4)
      mini_portile2 (~> 2.8.0)
      racc (~> 1.4)
    parslet (2.0.0)
    power_assert (2.0.1)
    racc (1.6.0)
    rake (13.0.6)
    test-unit (3.5.3)
      power_assert

PLATFORMS
  ruby

DEPENDENCIES
  bundler (~> 2.0)
  junoser!
  nokogiri
  rake (~> 13.0)
  test-unit

BUNDLED WITH
   2.2.26
