PATH
  remote: .
  specs:
    junoser (0.3.8)
      parslet

GEM
  remote: https://rubygems.org/
  specs:
    mini_portile2 (2.4.0)
    nokogiri (1.10.4)
      mini_portile2 (~> 2.4.0)
    parslet (1.8.2)
    power_assert (1.1.5)
    rake (10.5.0)
    test-unit (3.3.3)
      power_assert

PLATFORMS
  ruby

DEPENDENCIES
  bundler (~> 2.0)
  junoser!
  nokogiri
  rake (~> 10.0)
  test-unit

BUNDLED WITH
   2.0.2
