PATH
  remote: .
  specs:
    junoser (0.5.6)
      parslet

GEM
  remote: https://rubygems.org/
  specs:
    mini_portile2 (2.8.6)
    nokogiri (1.16.4)
      mini_portile2 (~> 2.8.2)
      racc (~> 1.4)
    parslet (2.0.0)
    power_assert (2.0.3)
    racc (1.7.3)
    rake (13.2.1)
    test-unit (3.6.2)
      power_assert

PLATFORMS
  ruby

DEPENDENCIES
  bundler (~> 2.0)
  junoser!
  nokogiri
  rake (~> 13.0)
  test-unit

BUNDLED WITH
   2.4.1
