PATH
  remote: .
  specs:
    junoser (0.5.5)
      parslet

GEM
  remote: https://rubygems.org/
  specs:
    mini_portile2 (2.8.2)
    nokogiri (1.15.3)
      mini_portile2 (~> 2.8.2)
      racc (~> 1.4)
    parslet (2.0.0)
    power_assert (2.0.3)
    racc (1.7.1)
    rake (13.0.6)
    test-unit (3.6.1)
      power_assert

PLATFORMS
  ruby

DEPENDENCIES
  bundler (~> 2.0)
  junoser!
  nokogiri
  rake (~> 13.0)
  test-unit

BUNDLED WITH
   2.4.1
