PATH
  remote: .
  specs:
    junoser (0.3.12)
      parslet

GEM
  remote: https://rubygems.org/
  specs:
    mini_portile2 (2.4.0)
    nokogiri (1.10.8)
      mini_portile2 (~> 2.4.0)
    parslet (2.0.0)
    power_assert (1.1.6)
    rake (10.5.0)
    test-unit (3.3.5)
      power_assert

PLATFORMS
  ruby

DEPENDENCIES
  bundler (~> 2.0)
  junoser!
  nokogiri
  rake (~> 10.0)
  test-unit

BUNDLED WITH
   2.1.2
