PATH
  remote: .
  specs:
    junoser (0.4.0)
      parslet

GEM
  remote: https://rubygems.org/
  specs:
    mini_portile2 (2.5.1)
    nokogiri (1.11.4)
      mini_portile2 (~> 2.5.0)
      racc (~> 1.4)
    parslet (2.0.0)
    power_assert (2.0.0)
    racc (1.5.2)
    rake (13.0.3)
    test-unit (3.4.1)
      power_assert

PLATFORMS
  ruby

DEPENDENCIES
  bundler (~> 2.0)
  junoser!
  nokogiri
  rake (~> 13.0)
  test-unit

BUNDLED WITH
   2.2.16
